GEM
  remote: http://rubygems.org/
  specs:
    facter (1.6.18)
    hiera (1.1.2)
      json_pure
    json (1.7.7)
    json_pure (1.7.7)
    librarian-puppet (0.9.8)
      json
      thor (~> 0.15)
    puppet (3.1.1)
      facter (~> 1.6)
      hiera (~> 1.0)
    thor (0.18.1)

PLATFORMS
  ruby

DEPENDENCIES
  librarian-puppet
  puppet
